PATH
  remote: .
  specs:
    wasabi (0.1.0)
      thermite

GEM
  remote: https://rubygems.org/
  specs:
    diff-lcs (1.3)
    minitar (0.9)
    rake (12.3.3)
    rake-compiler (1.0.8)
      rake
    rspec (3.9.0)
      rspec-core (~> 3.9.0)
      rspec-expectations (~> 3.9.0)
      rspec-mocks (~> 3.9.0)
    rspec-core (3.9.0)
      rspec-support (~> 3.9.0)
    rspec-expectations (3.9.0)
      diff-lcs (>= 1.2.0, < 2.0)
      rspec-support (~> 3.9.0)
    rspec-mocks (3.9.0)
      diff-lcs (>= 1.2.0, < 2.0)
      rspec-support (~> 3.9.0)
    rspec-support (3.9.0)
    thermite (0.13.0)
      minitar (~> 0.5)
      rake (>= 10)
      tomlrb (~> 1.2)
    tomlrb (1.2.9)

PLATFORMS
  ruby

DEPENDENCIES
  rake (~> 12.0)
  rake-compiler
  rspec (~> 3.0)
  wasabi!

BUNDLED WITH
   2.1.0.pre.3
